NUGET
  remote: https://api.nuget.org/v3/index.json
    ConsoleAppFramework (2.1)
      Microsoft.Extensions.Hosting (>= 3.1) - restriction: >= netstandard2.0
      System.Text.Json (>= 4.7) - restriction: >= netstandard2.0
      System.Threading.Tasks.Extensions (>= 4.5.3) - restriction: >= netstandard2.0
    Gaspra.Signing (1.0.29)
      Microsoft.Extensions.Configuration (>= 3.1) - restriction: >= netstandard2.1
      Microsoft.Extensions.DependencyInjection (>= 3.1) - restriction: >= netstandard2.1
      Microsoft.Extensions.Options (>= 3.1) - restriction: >= netstandard2.1
    Microsoft.Bcl.AsyncInterfaces (1.1) - restriction: || (&& (>= monotouch) (>= netstandard2.0)) (&& (>= net461) (>= netstandard2.0)) (&& (>= netcoreapp2.0) (< netcoreapp2.1)) (&& (< netcoreapp2.0) (>= netstandard2.0)) (&& (>= netcoreapp2.1) (< netcoreapp3.0)) (&& (< netcoreapp3.1) (>= netstandard2.0)) (&& (>= netstandard2.0) (< netstandard2.1)) (&& (>= netstandard2.0) (>= uap10.1)) (&& (>= netstandard2.0) (>= xamarintvos)) (&& (>= netstandard2.0) (>= xamarinwatchos)) (>= xamarinios) (>= xamarinmac)
      System.Threading.Tasks.Extensions (>= 4.5.2) - restriction: || (>= net461) (&& (< netcoreapp2.1) (>= netstandard2.0)) (>= netstandard2.1)
    Microsoft.Extensions.Configuration (3.1.2) - restriction: >= netstandard2.0
      Microsoft.Extensions.Configuration.Abstractions (>= 3.1.2) - restriction: >= netstandard2.0
    Microsoft.Extensions.Configuration.Abstractions (3.1.2) - restriction: >= netstandard2.0
      Microsoft.Extensions.Primitives (>= 3.1.2) - restriction: >= netstandard2.0
    Microsoft.Extensions.Configuration.Binder (3.1.2) - restriction: >= netstandard2.0
      Microsoft.Extensions.Configuration (>= 3.1.2) - restriction: >= netstandard2.0
    Microsoft.Extensions.Configuration.CommandLine (3.1.2) - restriction: >= netstandard2.0
      Microsoft.Extensions.Configuration (>= 3.1.2) - restriction: >= netstandard2.0
    Microsoft.Extensions.Configuration.EnvironmentVariables (3.1.2) - restriction: >= netstandard2.0
      Microsoft.Extensions.Configuration (>= 3.1.2) - restriction: >= netstandard2.0
    Microsoft.Extensions.Configuration.FileExtensions (3.1.2) - restriction: >= netstandard2.0
      Microsoft.Extensions.Configuration (>= 3.1.2) - restriction: >= netstandard2.0
      Microsoft.Extensions.FileProviders.Physical (>= 3.1.2) - restriction: >= netstandard2.0
    Microsoft.Extensions.Configuration.Json (3.1.2) - restriction: >= netstandard2.0
      Microsoft.Extensions.Configuration (>= 3.1.2) - restriction: >= netstandard2.0
      Microsoft.Extensions.Configuration.FileExtensions (>= 3.1.2) - restriction: >= netstandard2.0
      System.Text.Json (>= 4.7.1) - restriction: && (< netcoreapp3.1) (>= netstandard2.0)
      System.Threading.Tasks.Extensions (>= 4.5.2) - restriction: && (< netcoreapp3.1) (>= netstandard2.0)
    Microsoft.Extensions.Configuration.UserSecrets (3.1.2) - restriction: >= netstandard2.0
      Microsoft.Extensions.Configuration.Json (>= 3.1.2) - restriction: >= netstandard2.0
    Microsoft.Extensions.DependencyInjection (3.1.2) - restriction: >= netstandard2.0
      Microsoft.Bcl.AsyncInterfaces (>= 1.1) - restriction: || (>= net461) (&& (>= netstandard2.0) (< netstandard2.1))
      Microsoft.Extensions.DependencyInjection.Abstractions (>= 3.1.2) - restriction: || (>= net461) (>= netstandard2.0)
    Microsoft.Extensions.DependencyInjection.Abstractions (3.1.2) - restriction: >= netstandard2.0
    Microsoft.Extensions.FileProviders.Abstractions (3.1.2) - restriction: >= netstandard2.0
      Microsoft.Extensions.Primitives (>= 3.1.2) - restriction: >= netstandard2.0
    Microsoft.Extensions.FileProviders.Physical (3.1.2) - restriction: >= netstandard2.0
      Microsoft.Extensions.FileProviders.Abstractions (>= 3.1.2) - restriction: >= netstandard2.0
      Microsoft.Extensions.FileSystemGlobbing (>= 3.1.2) - restriction: >= netstandard2.0
    Microsoft.Extensions.FileSystemGlobbing (3.1.2) - restriction: >= netstandard2.0
    Microsoft.Extensions.Hosting (3.1.2)
      Microsoft.Bcl.AsyncInterfaces (>= 1.1) - restriction: && (>= netstandard2.0) (< netstandard2.1)
      Microsoft.Extensions.Configuration (>= 3.1.2) - restriction: >= netstandard2.0
      Microsoft.Extensions.Configuration.CommandLine (>= 3.1.2) - restriction: >= netstandard2.0
      Microsoft.Extensions.Configuration.EnvironmentVariables (>= 3.1.2) - restriction: >= netstandard2.0
      Microsoft.Extensions.Configuration.UserSecrets (>= 3.1.2) - restriction: >= netstandard2.0
      Microsoft.Extensions.DependencyInjection (>= 3.1.2) - restriction: >= netstandard2.0
      Microsoft.Extensions.FileProviders.Physical (>= 3.1.2) - restriction: >= netstandard2.0
      Microsoft.Extensions.Hosting.Abstractions (>= 3.1.2) - restriction: >= netstandard2.0
      Microsoft.Extensions.Logging (>= 3.1.2) - restriction: >= netstandard2.0
      Microsoft.Extensions.Logging.Console (>= 3.1.2) - restriction: >= netstandard2.0
      Microsoft.Extensions.Logging.Debug (>= 3.1.2) - restriction: >= netstandard2.0
      Microsoft.Extensions.Logging.EventLog (>= 3.1.2) - restriction: >= netstandard2.0
      Microsoft.Extensions.Logging.EventSource (>= 3.1.2) - restriction: >= netstandard2.0
    Microsoft.Extensions.Hosting.Abstractions (3.1.2) - restriction: >= netstandard2.0
      Microsoft.Bcl.AsyncInterfaces (>= 1.1) - restriction: && (< netcoreapp3.1) (>= netstandard2.0)
      Microsoft.Extensions.Configuration.Abstractions (>= 3.1.2) - restriction: >= netstandard2.0
      Microsoft.Extensions.DependencyInjection.Abstractions (>= 3.1.2) - restriction: >= netstandard2.0
      Microsoft.Extensions.FileProviders.Abstractions (>= 3.1.2) - restriction: >= netstandard2.0
      Microsoft.Extensions.Logging.Abstractions (>= 3.1.2) - restriction: >= netstandard2.0
    Microsoft.Extensions.Logging (3.1.2) - restriction: >= netstandard2.0
      Microsoft.Extensions.Configuration.Binder (>= 3.1.2) - restriction: >= netstandard2.0
      Microsoft.Extensions.DependencyInjection (>= 3.1.2) - restriction: >= netstandard2.0
      Microsoft.Extensions.Logging.Abstractions (>= 3.1.2) - restriction: >= netstandard2.0
      Microsoft.Extensions.Options (>= 3.1.2) - restriction: >= netstandard2.0
    Microsoft.Extensions.Logging.Abstractions (3.1.2) - restriction: >= netstandard2.0
    Microsoft.Extensions.Logging.Configuration (3.1.2) - restriction: >= netstandard2.0
      Microsoft.Extensions.Logging (>= 3.1.2) - restriction: >= netstandard2.0
      Microsoft.Extensions.Options.ConfigurationExtensions (>= 3.1.2) - restriction: >= netstandard2.0
    Microsoft.Extensions.Logging.Console (3.1.2) - restriction: >= netstandard2.0
      Microsoft.Extensions.Configuration.Abstractions (>= 3.1.2) - restriction: >= netstandard2.0
      Microsoft.Extensions.Logging (>= 3.1.2) - restriction: >= netstandard2.0
      Microsoft.Extensions.Logging.Configuration (>= 3.1.2) - restriction: >= netstandard2.0
    Microsoft.Extensions.Logging.Debug (3.1.2) - restriction: >= netstandard2.0
      Microsoft.Extensions.Logging (>= 3.1.2) - restriction: >= netstandard2.0
    Microsoft.Extensions.Logging.EventLog (3.1.2) - restriction: >= netstandard2.0
      Microsoft.Extensions.Logging (>= 3.1.2) - restriction: || (>= net461) (>= netstandard2.0)
      System.Diagnostics.EventLog (>= 4.7) - restriction: || (>= net461) (>= netstandard2.0)
    Microsoft.Extensions.Logging.EventSource (3.1.2) - restriction: >= netstandard2.0
      Microsoft.Extensions.Logging (>= 3.1.2) - restriction: >= netstandard2.0
      System.Text.Json (>= 4.7.1) - restriction: && (< netcoreapp3.1) (>= netstandard2.0)
      System.Threading.Tasks.Extensions (>= 4.5.2) - restriction: && (< netcoreapp3.1) (>= netstandard2.0)
    Microsoft.Extensions.Options (3.1.2) - restriction: >= netstandard2.0
      Microsoft.Extensions.DependencyInjection.Abstractions (>= 3.1.2) - restriction: >= netstandard2.0
      Microsoft.Extensions.Primitives (>= 3.1.2) - restriction: >= netstandard2.0
      System.ComponentModel.Annotations (>= 4.7) - restriction: && (< netcoreapp3.1) (>= netstandard2.0)
    Microsoft.Extensions.Options.ConfigurationExtensions (3.1.2) - restriction: >= netstandard2.0
      Microsoft.Extensions.Configuration.Abstractions (>= 3.1.2) - restriction: >= netstandard2.0
      Microsoft.Extensions.Configuration.Binder (>= 3.1.2) - restriction: >= netstandard2.0
      Microsoft.Extensions.DependencyInjection.Abstractions (>= 3.1.2) - restriction: >= netstandard2.0
      Microsoft.Extensions.Options (>= 3.1.2) - restriction: >= netstandard2.0
    Microsoft.Extensions.Primitives (3.1.2) - restriction: >= netstandard2.0
      System.Memory (>= 4.5.2) - restriction: && (< netcoreapp3.1) (>= netstandard2.0)
      System.Runtime.CompilerServices.Unsafe (>= 4.7) - restriction: && (< netcoreapp3.1) (>= netstandard2.0)
    Microsoft.NETCore.Platforms (3.1) - restriction: || (>= netcoreapp2.0) (&& (>= netcoreapp2.1) (< netcoreapp3.0))
    Microsoft.Win32.Registry (4.7) - restriction: >= netcoreapp2.0
      System.Memory (>= 4.5.3) - restriction: || (&& (< net46) (< netcoreapp2.0) (>= netstandard2.0) (< xamarinios) (< xamarinmac)) (&& (>= netcoreapp2.0) (< netcoreapp2.1)) (>= uap10.1)
      System.Security.AccessControl (>= 4.7) - restriction: || (&& (>= monoandroid) (< netstandard2.0)) (>= monotouch) (&& (< net46) (>= netstandard2.0)) (>= net461) (>= netcoreapp2.0) (>= xamarinios) (>= xamarinmac) (>= xamarintvos) (>= xamarinwatchos)
      System.Security.Principal.Windows (>= 4.7) - restriction: || (&& (>= monoandroid) (< netstandard2.0)) (>= monotouch) (&& (< net46) (>= netstandard2.0)) (>= net461) (>= netcoreapp2.0) (>= xamarinios) (>= xamarinmac) (>= xamarintvos) (>= xamarinwatchos)
    System.Buffers (4.5) - restriction: || (&& (< monoandroid) (< netstandard1.1) (>= netstandard2.0) (< win8)) (&& (>= monotouch) (>= netcoreapp2.0)) (&& (>= monotouch) (>= netstandard2.0)) (&& (>= net461) (>= netcoreapp2.0)) (&& (>= net461) (>= netstandard2.0)) (&& (>= netcoreapp2.0) (< netstandard1.1)) (&& (>= netcoreapp2.0) (< netstandard2.0)) (&& (>= netcoreapp2.0) (>= xamarintvos)) (&& (>= netcoreapp2.0) (>= xamarinwatchos)) (&& (< netcoreapp2.0) (>= netstandard2.0)) (&& (< netstandard1.1) (>= netstandard2.0) (>= win8)) (&& (>= netstandard2.0) (>= uap10.1)) (&& (>= netstandard2.0) (>= xamarintvos)) (&& (>= netstandard2.0) (>= xamarinwatchos)) (>= xamarinios) (>= xamarinmac)
    System.ComponentModel.Annotations (4.7) - restriction: && (< netcoreapp3.1) (>= netstandard2.1)
    System.Diagnostics.EventLog (4.7) - restriction: >= netstandard2.0
      Microsoft.NETCore.Platforms (>= 3.1) - restriction: >= netcoreapp2.0
      Microsoft.Win32.Registry (>= 4.7) - restriction: >= netcoreapp2.0
      System.Security.Principal.Windows (>= 4.7) - restriction: || (>= net461) (>= netstandard2.0)
    System.Memory (4.5.3) - restriction: || (&& (>= monotouch) (>= netstandard2.0)) (&& (>= net461) (>= netcoreapp2.0)) (&& (>= net461) (>= netcoreapp2.1)) (&& (>= net461) (>= netcoreapp3.0)) (&& (>= net461) (>= netstandard2.0)) (&& (>= netcoreapp2.0) (< netcoreapp2.1)) (&& (>= netcoreapp2.0) (>= uap10.1)) (&& (< netcoreapp2.0) (>= netstandard2.0)) (&& (>= netcoreapp2.1) (>= uap10.1)) (&& (< netcoreapp2.1) (>= netcoreapp3.0) (< netstandard2.1)) (&& (>= netcoreapp3.0) (>= uap10.1)) (&& (< netcoreapp3.1) (>= netstandard2.1)) (&& (>= netstandard2.0) (>= uap10.1)) (&& (>= netstandard2.0) (>= xamarintvos)) (&& (>= netstandard2.0) (>= xamarinwatchos)) (>= xamarinios) (>= xamarinmac)
      System.Buffers (>= 4.4) - restriction: || (&& (>= monoandroid) (< netstandard2.0)) (&& (< monoandroid) (< net45) (>= netstandard1.1) (< netstandard2.0) (< win8) (< wpa81)) (&& (< monoandroid) (< netstandard1.1) (>= portable-net45+win8+wpa81) (< win8)) (>= monotouch) (&& (>= net45) (< netstandard2.0)) (&& (< net45) (< netcoreapp2.0) (>= netstandard2.0)) (>= net461) (&& (< netstandard1.1) (>= win8)) (&& (< netstandard2.0) (< uap10.1) (>= wpa81)) (>= xamarinios) (>= xamarinmac) (>= xamarintvos) (>= xamarinwatchos)
      System.Numerics.Vectors (>= 4.4) - restriction: || (&& (< net45) (< netcoreapp2.0) (>= netstandard2.0) (< xamarinios) (< xamarinmac)) (>= net461)
      System.Runtime.CompilerServices.Unsafe (>= 4.5.2) - restriction: || (&& (>= monoandroid) (< netstandard2.0)) (&& (< monoandroid) (< net45) (>= netstandard1.1) (< netstandard2.0) (< win8) (< wpa81)) (&& (< monoandroid) (< netstandard1.1) (>= portable-net45+win8+wpa81) (< win8)) (>= monotouch) (&& (>= net45) (< netstandard2.0)) (&& (< net45) (< netcoreapp2.0) (>= netstandard2.0)) (>= net461) (&& (>= netcoreapp2.0) (< netcoreapp2.1)) (&& (< netstandard1.1) (>= win8)) (&& (< netstandard2.0) (>= wpa81)) (>= uap10.1) (>= xamarinios) (>= xamarinmac) (>= xamarintvos) (>= xamarinwatchos)
    System.Numerics.Vectors (4.5) - restriction: || (&& (>= net461) (>= netstandard2.0)) (&& (< netcoreapp2.0) (>= netstandard2.0) (< xamarinios) (< xamarinmac))
    System.Runtime.CompilerServices.Unsafe (4.7) - restriction: || (&& (< monoandroid) (< netstandard1.0) (>= netstandard2.0) (< win8)) (&& (>= monotouch) (>= netstandard2.0)) (&& (>= net45) (>= netstandard2.0)) (&& (>= net461) (>= netstandard2.0)) (&& (>= netcoreapp2.0) (< netcoreapp2.1)) (&& (< netcoreapp2.0) (>= netstandard2.0)) (&& (>= netcoreapp2.1) (< netcoreapp3.0)) (&& (< netcoreapp2.1) (>= netstandard2.0)) (&& (>= netcoreapp3.0) (< netcoreapp3.1)) (&& (< netcoreapp3.1) (>= netstandard2.1)) (&& (< netstandard1.0) (>= netstandard2.0) (>= win8)) (&& (>= netstandard2.0) (>= uap10.1)) (&& (>= netstandard2.0) (>= wp8)) (&& (>= netstandard2.0) (>= xamarintvos)) (&& (>= netstandard2.0) (>= xamarinwatchos)) (>= xamarinios) (>= xamarinmac)
    System.Security.AccessControl (4.7) - restriction: >= netcoreapp2.0
      Microsoft.NETCore.Platforms (>= 3.1) - restriction: >= netcoreapp2.0
      System.Security.Principal.Windows (>= 4.7) - restriction: || (&& (>= net46) (< netstandard2.0)) (&& (< net46) (>= netstandard1.3) (< netstandard2.0) (< uap10.1)) (&& (< net46) (>= netstandard2.0)) (>= net461) (>= netcoreapp2.0)
    System.Security.Principal.Windows (4.7) - restriction: >= netstandard2.0
      Microsoft.NETCore.Platforms (>= 3.1) - restriction: || (&& (>= netcoreapp2.0) (< netcoreapp2.1)) (&& (>= netcoreapp2.1) (< netcoreapp3.0))
    System.Text.Encodings.Web (4.7) - restriction: || (&& (>= monotouch) (>= netstandard2.0)) (&& (>= net461) (>= netstandard2.0)) (&& (>= netcoreapp2.0) (< netcoreapp2.1)) (&& (< netcoreapp2.0) (>= netstandard2.0)) (&& (>= netcoreapp2.1) (< netcoreapp3.0)) (&& (>= netcoreapp3.0) (< netcoreapp3.1)) (&& (>= netstandard2.0) (>= uap10.1)) (&& (>= netstandard2.0) (>= xamarintvos)) (&& (>= netstandard2.0) (>= xamarinwatchos)) (>= xamarinios) (>= xamarinmac)
      System.Memory (>= 4.5.3) - restriction: || (&& (< net45) (< netcoreapp2.1) (>= netstandard2.0) (< netstandard2.1)) (>= net461) (>= uap10.1)
    System.Text.Json (4.7.1) - restriction: >= netstandard2.0
      Microsoft.Bcl.AsyncInterfaces (>= 1.1) - restriction: || (&& (>= monoandroid) (< netstandard2.0)) (>= monotouch) (>= net461) (&& (>= netcoreapp2.0) (< netcoreapp2.1)) (&& (< netcoreapp2.0) (>= netstandard2.0)) (&& (>= netcoreapp2.1) (< netcoreapp3.0)) (>= uap10.1) (>= xamarinios) (>= xamarinmac) (>= xamarintvos) (>= xamarinwatchos)
      System.Buffers (>= 4.5) - restriction: || (&& (>= monoandroid) (< netstandard2.0)) (>= monotouch) (>= net461) (&& (< netcoreapp2.0) (>= netstandard2.0)) (>= xamarinios) (>= xamarinmac) (>= xamarintvos) (>= xamarinwatchos)
      System.Memory (>= 4.5.3) - restriction: || (>= net461) (&& (>= netcoreapp2.0) (< netcoreapp2.1)) (&& (< netcoreapp2.0) (>= netstandard2.0) (< xamarinios) (< xamarinmac)) (>= uap10.1)
      System.Numerics.Vectors (>= 4.5) - restriction: || (>= net461) (&& (< netcoreapp2.0) (>= netstandard2.0) (< xamarinios) (< xamarinmac))
      System.Runtime.CompilerServices.Unsafe (>= 4.7) - restriction: || (&& (>= monoandroid) (< netstandard2.0)) (>= monotouch) (>= net461) (&& (>= netcoreapp2.0) (< netcoreapp2.1)) (&& (< netcoreapp2.0) (>= netstandard2.0)) (&& (>= netcoreapp2.1) (< netcoreapp3.0)) (&& (>= netcoreapp3.0) (< netcoreapp3.1)) (>= uap10.1) (>= xamarinios) (>= xamarinmac) (>= xamarintvos) (>= xamarinwatchos)
      System.Text.Encodings.Web (>= 4.7) - restriction: || (&& (>= monoandroid) (< netstandard2.0)) (>= monotouch) (>= net461) (&& (>= netcoreapp2.0) (< netcoreapp2.1)) (&& (< netcoreapp2.0) (>= netstandard2.0)) (&& (>= netcoreapp2.1) (< netcoreapp3.0)) (&& (>= netcoreapp3.0) (< netcoreapp3.1)) (>= uap10.1) (>= xamarinios) (>= xamarinmac) (>= xamarintvos) (>= xamarinwatchos)
      System.Threading.Tasks.Extensions (>= 4.5.2) - restriction: || (>= net461) (&& (>= netcoreapp2.0) (< netcoreapp2.1)) (&& (< netcoreapp2.0) (>= netstandard2.0) (< xamarinios) (< xamarinmac)) (>= uap10.1)
      System.ValueTuple (>= 4.5) - restriction: >= net461
    System.Threading.Tasks.Extensions (4.5.3) - restriction: || (&& (>= netcoreapp2.0) (< netcoreapp2.1)) (>= netstandard2.0)
      System.Runtime.CompilerServices.Unsafe (>= 4.5.2) - restriction: || (&& (< monoandroid) (< monotouch) (>= netstandard1.0) (< netstandard2.0) (< win8) (< wpa81) (< xamarintvos) (< xamarinwatchos)) (&& (< monoandroid) (< netstandard1.0) (>= portable-net45+win8+wp8+wpa81) (< win8)) (>= net45) (&& (< netcoreapp2.1) (>= netstandard2.0) (< xamarinios) (< xamarinmac)) (&& (< netstandard1.0) (>= win8)) (&& (< netstandard2.0) (>= wpa81)) (>= wp8)
    System.ValueTuple (4.5) - restriction: && (>= net461) (>= netstandard2.0)
